PATH
  remote: .
  specs:
    moovui (0.1.2)

GEM
  remote: https://rubygems.org/
  specs:
    rake (10.3.2)

PLATFORMS
  ruby

DEPENDENCIES
  bundler (~> 1.5)
  moovui!
  rake
